PATH
  remote: .
  specs:
    qadmin (1.0.10.pp)
      activesupport (>= 2.3.2)
      erubis (~> 2.7, >= 2.7.0)
      iconv (>= 1.0)
      restful_query (>= 0.2.0)
      will_paginate (>= 2.3.7)

GEM
  remote: https://rubygems.org/
  specs:
    actionmailer (2.3.18)
      actionpack (= 2.3.18)
    actionpack (2.3.18)
      activesupport (= 2.3.18)
      rack (~> 1.1.0)
    activerecord (2.3.18)
      activesupport (= 2.3.18)
    activeresource (2.3.18)
      activesupport (= 2.3.18)
    activesupport (2.3.18)
    appraisal (1.0.2)
      bundler
      rake
      thor (>= 0.14.0)
    chronic (0.10.2)
    erubis (2.7.0)
    iconv (1.0.4)
    metaclass (0.0.4)
    minitest (5.6.1)
    mocha (1.1.0)
      metaclass (~> 0.0.1)
    rack (1.1.6)
    rails (2.3.18)
      actionmailer (= 2.3.18)
      actionpack (= 2.3.18)
      activerecord (= 2.3.18)
      activeresource (= 2.3.18)
      activesupport (= 2.3.18)
      rake (>= 0.8.3)
    rake (10.4.2)
    restful_query (0.4.0)
      activesupport (>= 2.2.0)
      chronic (>= 0.2.3)
    rubigen (1.5.8)
      activesupport (>= 2.3.5, < 3.2.0)
    shoulda (3.0.1)
      shoulda-context (~> 1.0.0)
      shoulda-matchers (~> 1.0.0)
    shoulda-context (1.0.2)
    shoulda-matchers (1.0.0)
    sqlite3 (1.3.10)
    thor (0.19.1)
    will_paginate (3.0.7)

PLATFORMS
  ruby

DEPENDENCIES
  appraisal (~> 1.0, >= 1.0.2)
  minitest (~> 5.5, >= 5.5.0)
  mocha (~> 1.1, >= 1.1.0)
  qadmin!
  rails (>= 2.3.2)
  rake (~> 10.4, >= 10.4.2)
  rubigen (>= 1.5.7)
  shoulda (>= 1.2.0)
  sqlite3 (~> 1.3, >= 1.3.10)
